PATH
  remote: .
  specs:
    redis_stream (0.2.0)
      redis (~> 4.1)

GEM
  remote: https://rubygems.org/
  specs:
    coderay (1.1.2)
    method_source (0.9.2)
    minitest (5.13.0)
    pry (0.12.2)
      coderay (~> 1.1.0)
      method_source (~> 0.9.0)
    rake (10.5.0)
    redis (4.1.3)

PLATFORMS
  ruby

DEPENDENCIES
  bundler (~> 1.17)
  minitest (~> 5.0)
  pry (~> 0.12)
  rake (~> 10.0)
  redis_stream!

BUNDLED WITH
   1.17.3
